GEM
  remote: http://rubygems.org/
  specs:
    citrus (2.4.1)
    diff-lcs (1.1.3)
    rake (0.9.2.2)
    rspec (2.8.0)
      rspec-core (~> 2.8.0)
      rspec-expectations (~> 2.8.0)
      rspec-mocks (~> 2.8.0)
    rspec-core (2.8.0)
    rspec-expectations (2.8.0)
      diff-lcs (~> 1.1.2)
    rspec-mocks (2.8.0)
    wlang (0.10.2)

PLATFORMS
  ruby

DEPENDENCIES
  bundler (~> 1.0)
  citrus (~> 2.4.1)
  rake (~> 0.9.2)
  rspec (~> 2.8.0)
  wlang (~> 0.10.2)
